PATH
  remote: .
  specs:
    rsipgate (0.2)

GEM
  remote: http://rubygems.org/
  specs:

PLATFORMS
  ruby

DEPENDENCIES
  rsipgate!
